PATH
  remote: .
  specs:
    packaging (0.106.0.4.g964ec33)
      apt_stage_artifacts
      artifactory (~> 2)
      csv (= 3.1.5)
      rake (>= 12.3)
      release-metrics

GEM
  remote: https://rubygems.org/
  specs:
    apt_stage_artifacts (0.10.1)
      docopt
    artifactory (2.8.2)
    ast (2.4.2)
    byebug (11.1.3)
    coderay (1.1.3)
    csv (3.1.5)
    diff-lcs (1.4.4)
    docopt (0.6.1)
    json (1.8.6)
    method_source (1.0.0)
    parser (2.7.2.0)
      ast (~> 2.4.1)
    powerpack (0.0.9)
    pry (0.14.1)
      coderay (~> 1.1)
      method_source (~> 1.0)
    pry-byebug (3.8.0)
      byebug (~> 11.0)
      pry (~> 0.10)
    rainbow (2.2.2)
      rake
    rake (13.0.3)
    release-metrics (1.1.0)
      csv
      docopt
    rspec (2.14.1)
      rspec-core (~> 2.14.0)
      rspec-expectations (~> 2.14.0)
      rspec-mocks (~> 2.14.0)
    rspec-core (2.14.8)
    rspec-expectations (2.14.5)
      diff-lcs (>= 1.1.3, < 2.0)
    rspec-mocks (2.14.6)
    rubocop (0.24.1)
      json (>= 1.7.7, < 2)
      parser (>= 2.2.0.pre.3, < 3.0)
      powerpack (~> 0.0.6)
      rainbow (>= 1.99.1, < 3.0)
      ruby-progressbar (~> 1.4)
    ruby-progressbar (1.11.0)

PLATFORMS
  x86_64-darwin-19

DEPENDENCIES
  packaging!
  pry
  pry-byebug
  rspec (~> 2.14.1)
  rubocop (~> 0.24.1)

BUNDLED WITH
   2.2.27
